GEM
  remote: http://rubygems.org/
  specs:
    daemons (1.1.9)
    eventmachine (1.0.3)
    hike (1.2.3)
    multi_json (1.7.9)
    rack (1.5.2)
    rack-protection (1.5.0)
      rack
    sass (3.2.10)
    shotgun (0.9)
      rack (>= 1.0)
    sinatra (1.4.3)
      rack (~> 1.4)
      rack-protection (~> 1.4)
      tilt (~> 1.3, >= 1.3.4)
    slim (2.0.1)
      temple (~> 0.6.6)
      tilt (>= 1.3.3, < 2.1)
    sprockets (2.10.0)
      hike (~> 1.2)
      multi_json (~> 1.0)
      rack (~> 1.0)
      tilt (~> 1.1, != 1.3.0)
    temple (0.6.6)
    thin (1.5.1)
      daemons (>= 1.0.9)
      eventmachine (>= 0.12.6)
      rack (>= 1.0.0)
    tilt (1.4.1)

PLATFORMS
  ruby

DEPENDENCIES
  rack (~> 1.5.2)
  sass (= 3.2.10)
  shotgun
  sinatra (~> 1.4.3)
  slim (~> 2.0.1)
  sprockets (~> 2.10.0)
  thin (~> 1.5.1)
